GEM
  remote: https://rubygems.org/
  specs:
    activesupport (6.1.3)
      concurrent-ruby (~> 1.0, >= 1.0.2)
      i18n (>= 1.6, < 2)
      minitest (>= 5.1)
      tzinfo (~> 2.0)
      zeitwerk (~> 2.3)
    byebug (11.1.3)
    coderay (1.1.3)
    concurrent-ruby (1.1.8)
    fabricator (0.0.5)
      activesupport (>= 2.0.2)
      rubigen (= 1.5.2)
    i18n (1.8.9)
      concurrent-ruby (~> 1.0)
    method_source (1.0.0)
    minitest (5.14.4)
    minitest-line (0.6.5)
      minitest (~> 5.0)
    mocha (1.12.0)
    pry (0.13.1)
      coderay (~> 1.1)
      method_source (~> 1.0)
    pry-byebug (3.9.0)
      byebug (~> 11.0)
      pry (~> 0.13.0)
    rake (13.0.3)
    rubigen (1.5.2)
      activesupport (>= 2.2.2)
    tzinfo (2.0.4)
      concurrent-ruby (~> 1.0)
    zeitwerk (2.4.2)

PLATFORMS
  ruby

DEPENDENCIES
  activesupport
  fabricator
  minitest (~> 5.14)
  minitest-line
  mocha (~> 1.12)
  pry
  pry-byebug
  rake

BUNDLED WITH
   2.2.9
